GEM
  remote: https://rubygems.org/
  specs:
    benchmark-ips (2.7.2)
    benchmark-memory (0.1.2)
      memory_profiler (~> 0.9)
    fileutils (1.2.0)
    gruff (0.23.0)
      histogram
      rmagick (>= 5.3)
    histogram (0.2.4.1)
    memory_profiler (0.9.14)
    minitest (5.11.3)
    pkg-config (1.5.5)
    rmagick (5.3.0)
      pkg-config (~> 1.4)
    stop_watch (1.0.0)

PLATFORMS
  ruby

DEPENDENCIES
  benchmark-ips
  benchmark-memory
  fileutils
  gruff
  minitest
  rmagick (~> 5.3)
  stop_watch

BUNDLED WITH
   1.17.3
